GEM
  remote: https://rubygems.org/
  specs:
    docker-api (1.28.0)
      excon (>= 0.38.0)
      json
    excon (0.49.0)
    json (1.8.3)

PLATFORMS
  ruby

DEPENDENCIES
  docker-api (= 1.28.0)

BUNDLED WITH
   1.12.4
